PATH
  remote: .
  specs:
    Game_Of_Thrones (0.1.0)
      nokogiri

GEM
  remote: https://rubygems.org/
  specs:
    mini_portile2 (2.4.0)
    nokogiri (1.10.3)
      mini_portile2 (~> 2.4.0)

PLATFORMS
  ruby

DEPENDENCIES
  Game_Of_Thrones!
  bundler (~> 2.0)

BUNDLED WITH
   2.0.1
